GEM
  remote: https://rubygems.org/
  specs:
    colorator
    ffi 
    jekyll
      colorator 
      jekyll-sass-converter 
      jekyll-watch 
      kramdown 
      liquid 
      mercenary 
      rouge 
      safe_yaml
    jekyll-paginate 
    jekyll-sass-converter 
      sass 
    jekyll-watch 
      listen 
    kramdown 
    liquid 
    listen 
      rb-fsevent 
      rb-inotify 
    mercenary 
    rb-fsevent 
    rb-inotify
      ffi
    redcarpet 
    rouge 
    safe_yaml 
    sass 

PLATFORMS
  ruby

DEPENDENCIES
  jekyll
  jekyll-paginate
  redcarpet

BUNDLED WITH
   2.2.0.rc.2
